GIT
  remote: https://github.com/theodi/alternate-rails.git
  revision: 188889d66c5df1d7d13f7c6e53e8088e3503dea1
  ref: 188889d66c5df1d7d13f7c6e53e8088e3503dea1
  specs:
    alternate_rails (0.0.1)
      rails (~> 3.2.13)

GIT
  remote: https://github.com/theodi/csvlint.rb.git
  revision: 3dc689f4625c8edd4f7b725d1d420fdd67a67df9
  ref: 3dc689f4625c8edd4f7b725d1d420fdd67a67df9
  specs:
    csvlint (0.0.1)
      activesupport
      addressable
      colorize
      mime-types
      open_uri_redirections

GIT
  remote: https://github.com/theodi/data_kitten.git
  revision: 0597206bc522a03110f8fe89be111589dcecf6b6
  ref: 0597206bc522a03110f8fe89be111589dcecf6b6
  specs:
    data_kitten (1.3.3)
      datapackage
      git
      json
      linkeddata
      nokogiri
      rake
      rest-client

GIT
  remote: https://github.com/theodi/juvia_rails.git
  revision: 94f982aa8188a18bc0f37c16218c85e890d25294
  ref: 94f982aa8188a18bc0f37c16218c85e890d25294
  specs:
    juvia_rails (0.0.1)
      rails (~> 3.2.1)

GIT
  remote: https://github.com/theodi/odc-surveyor.git
  revision: 4ceb1a697134e4541842acf53f6ccff9f9f98780
  specs:
    surveyor (1.4.0)

GEM
  remote: https://rubygems.org/
  specs:
    aasm (3.1.1)
    actionmailer (3.2.22)
      actionpack (= 3.2.22)
      mail (~> 2.5.4)
    actionpack (3.2.22)
      activemodel (= 3.2.22)
      activesupport (= 3.2.22)
      builder (~> 3.0.0)
      erubis (~> 2.7.0)
      journey (~> 1.0.4)
      rack (~> 1.4.5)
      rack-cache (~> 1.2)
      rack-test (~> 0.6.1)
      sprockets (~> 2.2.1)
    activemodel (3.2.22)
      activesupport (= 3.2.22)
      builder (~> 3.0.0)
    activerecord (3.2.22)
      activemodel (= 3.2.22)
      activesupport (= 3.2.22)
      arel (~> 3.0.2)
      tzinfo (~> 0.3.29)
    activeresource (3.2.22)
      activemodel (= 3.2.22)
      activesupport (= 3.2.22)
    activesupport (3.2.22)
      i18n (~> 0.6, >= 0.6.4)
      multi_json (~> 1.0)
    addressable (2.3.8)
    airbrake (4.1.0)
      builder
      multi_json
    arel (3.0.3)
    bcp47 (0.3.3)
      i18n
    bcrypt (3.1.7)
    bcrypt-ruby (3.1.5)
      bcrypt (>= 3.1.3)
    better_errors (2.1.1)
      coderay (>= 1.0.0)
      erubis (>= 2.6.6)
      rack (>= 0.9.0)
    binding_of_caller (0.7.2)
      debug_inspector (>= 0.0.1)
    builder (3.0.4)
    byebug (2.7.0)
      columnize (~> 0.3)
      debugger-linecache (~> 1.2)
    cancan (1.6.10)
    capybara (2.4.1)
      mime-types (>= 1.16)
      nokogiri (>= 1.3.3)
      rack (>= 1.0.0)
      rack-test (>= 0.5.4)
      xpath (~> 2.0)
    celluloid (0.16.0)
      timers (~> 4.0.0)
    coderay (1.1.0)
    coffee-rails (3.2.2)
      coffee-script (>= 2.2.0)
      railties (~> 3.2.0)
    coffee-script (2.2.0)
      coffee-script-source
      execjs
    coffee-script-source (1.7.0)
    colorize (0.8.1)
    columnize (0.9.0)
    commonjs (0.2.7)
    connection_pool (2.2.0)
    coveralls (0.7.0)
      multi_json (~> 1.3)
      rest-client
      simplecov (>= 0.7)
      term-ansicolor
      thor
    crack (0.4.2)
      safe_yaml (~> 1.0.0)
    cucumber (1.3.16)
      builder (>= 2.1.2)
      diff-lcs (>= 1.1.3)
      gherkin (~> 2.12)
      multi_json (>= 1.7.5, < 2.0)
      multi_test (>= 0.1.1)
    cucumber-rails (1.4.1)
      capybara (>= 1.1.2, < 3)
      cucumber (>= 1.3.8, < 2)
      mime-types (~> 1.16)
      nokogiri (~> 1.5)
      rails (>= 3, < 5)
    daemons (1.1.9)
    database_cleaner (1.3.0)
    datapackage (0.0.4)
      colorize
      json
      json-schema
      rest-client
    debug_inspector (0.0.2)
    debugger-linecache (1.2.0)
    delayed-plugins-airbrake (1.1.0)
      airbrake
      delayed_job
    delayed_job (4.0.6)
      activesupport (>= 3.0, < 5.0)
    delayed_job_active_record (4.0.3)
      activerecord (>= 3.0, < 5.0)
      delayed_job (>= 3.0, < 4.1)
    devise (3.0.3)
      bcrypt-ruby (~> 3.0)
      orm_adapter (~> 0.1)
      railties (>= 3.2.6, < 5)
      warden (~> 1.2.3)
    diff-lcs (1.2.5)
    docile (1.1.3)
    domain_name (0.5.24)
      unf (>= 0.0.5, < 1.0.0)
    domainatrix (0.0.11)
      addressable
    dotenv (0.10.0)
    dotenv-rails (0.10.0)
      dotenv (= 0.10.0)
    ebnf (0.3.9)
      rdf (~> 1.1)
      sxp (~> 0.1, >= 0.1.3)
    equivalent-xml (0.6.0)
      nokogiri (>= 1.4.3)
    erubis (2.7.0)
    eventmachine (1.0.9.1)
    excon (0.31.0)
    execjs (2.0.2)
    factory_girl (4.4.0)
      activesupport (>= 3.0.0)
    factory_girl_rails (4.4.1)
      factory_girl (~> 4.4.0)
      railties (>= 3.0.0)
    faraday (0.9.0)
      multipart-post (>= 1.2, < 3)
    fastercsv (1.5.5)
    ffi (1.9.3)
    fog (1.20.0)
      builder
      excon (~> 0.31.0)
      formatador (~> 0.2.0)
      mime-types
      multi_json (~> 1.0)
      net-scp (~> 1.1)
      net-ssh (>= 2.1.3)
      nokogiri (>= 1.5.11)
    foreman (0.63.0)
      dotenv (>= 0.7)
      thor (>= 0.13.6)
    formatador (0.2.4)
    formtastic (2.1.1)
      actionpack (~> 3.0)
    gherkin (2.12.2)
      multi_json (~> 1.3)
    git (1.3.0)
    google_drive (0.3.9)
      nokogiri (>= 1.4.4, != 1.5.2, != 1.5.1)
      oauth (>= 0.3.6)
      oauth2 (>= 0.5.0)
    guard (1.8.3)
      formatador (>= 0.2.4)
      listen (~> 1.3)
      lumberjack (>= 1.0.2)
      pry (>= 0.9.10)
      thor (>= 0.14.6)
    guard-test (1.0.0)
      guard (>= 1.8)
      test-unit (~> 2.2)
    haml (4.0.7)
      tilt
    high_voltage (2.1.0)
    hike (1.2.3)
    hitimes (1.2.2)
    htmlentities (4.3.4)
    http-cookie (1.0.2)
      domain_name (~> 0.5)
    httparty (0.13.0)
      json (~> 1.8)
      multi_xml (>= 0.5.2)
    i18n (0.8.4)
    jbuilder (2.0.4)
      activesupport (>= 3.0.0)
      multi_json (>= 1.2.0)
    journey (1.0.4)
    jquery-rails (3.1.0)
      railties (>= 3.0, < 5.0)
      thor (>= 0.14, < 2.0)
    json (1.8.6)
    json-ld (1.1.9)
      rdf (~> 1.1, >= 1.1.7)
    json-schema (2.6.2)
      addressable (~> 2.3.8)
    json_spec (1.0.3)
      multi_json (~> 1.0)
      rspec (~> 2.0)
    jwt (0.1.13)
      multi_json (>= 1.5)
    kaminari (0.15.1)
      actionpack (>= 3.0.0)
      activesupport (>= 3.0.0)
    launchy (2.4.3)
      addressable (~> 2.3)
    less (2.6.0)
      commonjs (~> 0.2.7)
    less-rails (2.6.0)
      actionpack (>= 3.1)
      less (~> 2.6.0)
    less-rails-bootstrap (3.3.5.0)
      less-rails (>= 2.6, <= 2.8)
    letter_opener (1.4.1)
      launchy (~> 2.2)
    libv8 (3.16.14.19)
    link_header (0.0.8)
    linkeddata (1.1.11)
      equivalent-xml (~> 0.5)
      json-ld (~> 1.1, >= 1.1.8)
      nokogiri (~> 1.6)
      rdf (~> 1.1, >= 1.1.11)
      rdf-aggregate-repo (~> 1.1)
      rdf-isomorphic (~> 1.1)
      rdf-json (~> 1.1, >= 1.1.2)
      rdf-microdata (~> 2.0, >= 2.0.1)
      rdf-n3 (~> 1.1, >= 1.1.3)
      rdf-rdfa (~> 1.1, >= 1.1.6)
      rdf-rdfxml (~> 1.1, >= 1.1.4)
      rdf-reasoner (~> 0.2, >= 0.2.1)
      rdf-tabular (~> 0.1, >= 0.1.2)
      rdf-trig (~> 1.1, >= 1.1.4)
      rdf-trix (~> 1.1)
      rdf-turtle (~> 1.1, >= 1.1.6)
      rdf-vocab (~> 0.8)
      rdf-xsd (~> 1.1, >= 1.1.3)
      sparql (~> 1.1, >= 1.1.5)
      sparql-client (~> 1.1, >= 1.1.3)
    listen (1.3.1)
      rb-fsevent (>= 0.9.3)
      rb-inotify (>= 0.9)
      rb-kqueue (>= 0.2)
    lograge (0.2.2)
      actionpack (>= 3)
      activesupport (>= 3)
      railties (>= 3)
    logstash-event (1.2.02)
    lumberjack (1.0.4)
    mail (2.5.5)
      mime-types (~> 1.16)
      treetop (~> 1.4.8)
    memoist (0.9.3)
    metaclass (0.0.4)
    method_source (0.8.2)
    mime-types (1.25.1)
    mini_portile (0.6.2)
    mocha (1.1.0)
      metaclass (~> 0.0.1)
    multi_json (1.12.1)
    multi_test (0.1.1)
    multi_xml (0.5.5)
    multipart-post (2.0.0)
    mustache (0.99.4)
    mysql2 (0.3.15)
    net-http-persistent (2.9.4)
    net-scp (1.1.2)
      net-ssh (>= 2.6.5)
    net-ssh (2.8.0)
    netrc (0.10.3)
    nokogiri (1.6.6.2)
      mini_portile (~> 0.6.0)
    oauth (0.4.7)
    oauth2 (0.9.3)
      faraday (>= 0.8, < 0.10)
      jwt (~> 0.1.8)
      multi_json (~> 1.3)
      multi_xml (~> 0.5)
      rack (~> 1.2)
    open_uri_redirections (0.2.1)
    orm_adapter (0.5.0)
    parallel (1.6.1)
    parallel_tests (1.7.0)
      parallel
    polyamorous (0.6.4)
      activerecord (>= 3.0)
    polyglot (0.3.5)
    pry (0.9.12.6)
      coderay (~> 1.0)
      method_source (~> 0.8)
      slop (~> 3.4)
    pry-byebug (1.3.2)
      byebug (~> 2.7)
      pry (~> 0.9.12)
    pry-remote (0.1.8)
      pry (~> 0.9)
      slop (~> 3.0)
    rabl (0.6.14)
      activesupport (>= 2.3.14)
      multi_json (~> 1.0)
    rack (1.4.7)
    rack-cache (1.7.0)
      rack (>= 0.4)
    rack-cors (0.4.0)
    rack-linkeddata (1.1.0)
      linkeddata (>= 1.1.0)
      rack (>= 1.4)
    rack-protection (1.5.3)
      rack
    rack-ssl (1.3.4)
      rack
    rack-test (0.6.3)
      rack (>= 1.0)
    rails (3.2.22)
      actionmailer (= 3.2.22)
      actionpack (= 3.2.22)
      activerecord (= 3.2.22)
      activeresource (= 3.2.22)
      activesupport (= 3.2.22)
      bundler (~> 1.0)
      railties (= 3.2.22)
    rails-footnotes (3.7.9)
      rails (>= 3.0.0)
    rails-i18n (3.0.1)
      i18n (~> 0.5)
      rails (>= 3.0.0, < 4.0.0)
    railties (3.2.22)
      actionpack (= 3.2.22)
      activesupport (= 3.2.22)
      rack-ssl (~> 1.3.2)
      rake (>= 0.8.7)
      rdoc (~> 3.4)
      thor (>= 0.14.6, < 2.0)
    rake (10.5.0)
    ransack (1.1.0)
      actionpack (>= 3.0)
      activerecord (>= 3.0)
      polyamorous (~> 0.6.0)
    rb-fsevent (0.9.4)
    rb-inotify (0.9.3)
      ffi (>= 0.5.0)
    rb-kqueue (0.2.2)
      ffi (>= 0.5.0)
    rdf (1.1.15)
      link_header (~> 0.0, >= 0.0.8)
    rdf-aggregate-repo (1.1.0)
      rdf (>= 1.1)
    rdf-isomorphic (1.1.0)
      rdf (>= 1.1)
    rdf-json (1.1.2)
      rdf (~> 1.1)
    rdf-microdata (2.0.1)
      htmlentities (~> 4.3)
      nokogiri (~> 1.6)
      rdf (~> 1.1)
      rdf-xsd (~> 1.1)
    rdf-n3 (1.1.3)
      rdf (~> 1.1, >= 1.1.5)
    rdf-rdfa (1.1.6)
      haml (~> 4.0)
      htmlentities (~> 4.3)
      rdf (~> 1.1, >= 1.1.6)
      rdf-aggregate-repo (~> 1.1)
      rdf-xsd (~> 1.1)
    rdf-rdfxml (1.1.4)
      htmlentities (~> 4.3)
      rdf (~> 1.1, >= 1.1.6)
      rdf-rdfa (~> 1.1, >= 1.1.4.1)
      rdf-xsd (~> 1.1)
    rdf-reasoner (0.2.2)
      rdf (~> 1.1, >= 1.1.4.2)
      rdf-turtle (~> 1.1)
      rdf-vocab (~> 0.8)
      rdf-xsd (~> 1.1)
    rdf-tabular (0.2.0)
      addressable (~> 2.3)
      bcp47 (~> 0.3, >= 0.3.3)
      json-ld (~> 1.1)
      rdf (~> 1.1, >= 1.1.7)
      rdf-xsd (~> 1.1)
    rdf-trig (1.1.4)
      ebnf (~> 0.3, >= 0.3.7)
      rdf (~> 1.1, >= 1.1.11)
      rdf-turtle (~> 1.1, >= 1.1.6)
    rdf-trix (1.1.0)
      rdf (>= 1.1)
    rdf-turtle (1.1.7)
      ebnf (~> 0.3, >= 0.3.6)
      rdf (~> 1.1, >= 1.1.10)
    rdf-vocab (0.8.4)
      rdf (~> 1.1, >= 1.1.10)
    rdf-xsd (1.1.4)
      rdf (~> 1.1, >= 1.1.9)
    rdoc (3.12.2)
      json (~> 1.4)
    redcarpet (3.1.1)
    redis (3.2.1)
    redis-namespace (1.5.2)
      redis (~> 3.0, >= 3.0.4)
    ref (2.0.0)
    rest-client (1.8.0)
      http-cookie (>= 1.0.2, < 2.0)
      mime-types (>= 1.16, < 3.0)
      netrc (~> 0.7)
    rspec (2.14.1)
      rspec-core (~> 2.14.0)
      rspec-expectations (~> 2.14.0)
      rspec-mocks (~> 2.14.0)
    rspec-core (2.14.8)
    rspec-expectations (2.14.5)
      diff-lcs (>= 1.1.3, < 2.0)
    rspec-mocks (2.14.6)
    rspec-rails (2.14.2)
      actionpack (>= 3.0)
      activemodel (>= 3.0)
      activesupport (>= 3.0)
      railties (>= 3.0)
      rspec-core (~> 2.14.0)
      rspec-expectations (~> 2.14.0)
      rspec-mocks (~> 2.14.0)
    ruby-prof (0.14.2)
    safe_yaml (1.0.3)
    sass (3.4.24)
    sass-rails (3.2.6)
      railties (~> 3.2.0)
      sass (>= 3.1.10)
      tilt (~> 1.3)
    shoulda (3.5.0)
      shoulda-context (~> 1.0, >= 1.0.1)
      shoulda-matchers (>= 1.4.1, < 3.0)
    shoulda-context (1.1.6)
    shoulda-matchers (2.5.0)
      activesupport (>= 3.0.0)
    sidekiq (3.4.2)
      celluloid (~> 0.16.0)
      connection_pool (~> 2.2, >= 2.2.0)
      json (~> 1.0)
      redis (~> 3.2, >= 3.2.1)
      redis-namespace (~> 1.5, >= 1.5.2)
    sidekiq-failures (0.4.5)
      sidekiq (>= 2.16.0)
    simplecov (0.8.2)
      docile (~> 1.1.0)
      multi_json
      simplecov-html (~> 0.8.0)
    simplecov-html (0.8.0)
    sinatra (1.4.6)
      rack (~> 1.4)
      rack-protection (~> 1.4)
      tilt (>= 1.3, < 3)
    slop (3.4.7)
    sparql (1.1.5)
      builder (~> 3.0)
      ebnf (~> 0.3, >= 0.3.5)
      rdf (~> 1.1, >= 1.1.4)
      rdf-aggregate-repo (~> 1.1, >= 1.1.0)
      rdf-xsd (~> 1.1)
      sparql-client (~> 1.1)
      sxp (~> 0.1)
    sparql-client (1.1.6)
      net-http-persistent (~> 2.9)
      rdf (~> 1.1)
    sprockets (2.2.3)
      hike (~> 1.2)
      multi_json (~> 1.0)
      rack (~> 1.0)
      tilt (~> 1.1, != 1.3.0)
    sqlite3 (1.3.9)
    sxp (0.1.5)
    term-ansicolor (1.3.0)
      tins (~> 1.0)
    terminal-notifier-guard (1.5.3)
    test-unit (2.5.5)
    therubyracer (0.12.3)
      libv8 (~> 3.16.14.15)
      ref
    thin (1.6.2)
      daemons (>= 1.0.9)
      eventmachine (>= 1.0.0)
      rack (>= 1.0.0)
    thor (0.19.4)
    tilt (1.4.1)
    timecop (0.7.1)
    timers (4.0.1)
      hitimes
    tins (1.1.0)
    treetop (1.4.15)
      polyglot
      polyglot (>= 0.3.1)
    twitter-bootstrap-rails-confirm (1.0.2)
    tzinfo (0.3.53)
    uglifier (2.4.0)
      execjs (>= 0.3.0)
      json (>= 1.8.0)
    unf (0.1.4)
      unf_ext
    unf_ext (0.0.7.1)
    uuidtools (2.1.4)
    validate_url (0.2.2)
      activemodel (>= 3.0.0)
      addressable
    vcr (2.9.0)
    warden (1.2.3)
      rack (>= 1.0)
    webmock (1.17.4)
      addressable (>= 2.2.7)
      crack (>= 0.3.2)
    xpath (2.0.0)
      nokogiri (~> 1.3)

PLATFORMS
  ruby

DEPENDENCIES
  aasm
  airbrake
  alternate_rails!
  better_errors
  binding_of_caller
  cancan
  coffee-rails (~> 3.2.1)
  coveralls
  csvlint!
  cucumber-rails
  data_kitten!
  database_cleaner
  delayed-plugins-airbrake
  delayed_job_active_record
  devise (= 3.0.3)
  domainatrix
  dotenv-rails
  eventmachine (~> 1.0.4)
  factory_girl_rails (~> 4.0)
  fastercsv (~> 1.5.4)
  fog
  foreman
  formtastic (~> 2.1.0)
  google_drive
  guard (~> 1.8.3)
  guard-test
  haml (>= 3.1.3)
  high_voltage
  httparty
  jbuilder
  jquery-rails
  json_spec (~> 1.0.3)
  juvia_rails!
  kaminari
  launchy
  less-rails
  less-rails-bootstrap (~> 3.3.5)
  letter_opener
  linkeddata
  lograge
  logstash-event
  memoist
  mocha
  mustache (= 0.99.4)
  mysql2
  parallel_tests
  pry-byebug
  pry-remote
  rabl (~> 0.6.13)
  rack-cors
  rack-linkeddata
  rails (= 3.2.22)
  rails-footnotes (>= 3.7.9)
  rails-i18n (~> 3.0.0)
  rake (< 11.0)
  ransack
  redcarpet
  rspec-rails (~> 2.14.2)
  ruby-prof
  sass
  sass-rails (~> 3.2.3)
  shoulda
  shoulda-context
  sidekiq
  sidekiq-failures
  sinatra
  sqlite3
  surveyor!
  terminal-notifier-guard
  test-unit
  therubyracer
  thin
  timecop
  twitter-bootstrap-rails-confirm
  uglifier (>= 1.0.3)
  uuidtools (~> 2.1)
  validate_url
  vcr
  webmock

BUNDLED WITH
   1.14.6
